PATH
  remote: .
  specs:
    motion-paddle (1.1.2)

GEM
  remote: https://rubygems.org/
  specs:
    rake (10.3.2)

PLATFORMS
  ruby

DEPENDENCIES
  bundler (~> 1.7)
  motion-paddle!
  rake (~> 10.3)
